GEM
  remote: https://rubygems.org/
  specs:
    activesupport (5.0.2)
      concurrent-ruby (~> 1.0, >= 1.0.2)
      i18n (~> 0.7)
      minitest (~> 5.1)
      tzinfo (~> 1.1)
    addressable (2.5.0)
      public_suffix (~> 2.0, >= 2.0.2)
    bitly (1.1.0)
      httparty (>= 0.7.6)
      multi_json (~> 1.3)
      oauth2 (>= 0.5.0, < 2.0)
    bitters (1.5.0)
      bourbon (~> 5.0.0.beta.7)
      sass (~> 3.4)
      thor (~> 0.19)
    bourbon (5.0.0.beta.7)
      sass (~> 3.4.22)
      thor (~> 0.19.1)
    colorator (1.1.0)
    colored (1.2)
    concurrent-ruby (1.0.5)
    ethon (0.10.1)
      ffi (>= 1.3.0)
    faraday (0.11.0)
      multipart-post (>= 1.2, < 3)
    ffi (1.9.18)
    forwardable-extended (2.6.0)
    html-proofer (3.6.0)
      activesupport (>= 4.2, < 6.0)
      addressable (~> 2.3)
      colored (~> 1.2)
      mercenary (~> 0.3.2)
      nokogiri (~> 1.5)
      parallel (~> 1.3)
      typhoeus (~> 0.7)
      yell (~> 2.0)
    httparty (0.14.0)
      multi_xml (>= 0.5.2)
    i18n (0.8.1)
    jekyll (3.4.3)
      addressable (~> 2.4)
      colorator (~> 1.0)
      jekyll-sass-converter (~> 1.0)
      jekyll-watch (~> 1.1)
      kramdown (~> 1.3)
      liquid (~> 3.0)
      mercenary (~> 0.3.3)
      pathutil (~> 0.9)
      rouge (~> 1.7)
      safe_yaml (~> 1.0)
    jekyll-bitly (1.0.0)
      bitly (~> 1.1.0)
    jekyll-feed (0.9.1)
      jekyll (~> 3.3)
    jekyll-gist (1.4.0)
      octokit (~> 4.2)
    jekyll-highlight (1.0.6)
    jekyll-sass-converter (1.5.0)
      sass (~> 3.4)
    jekyll-seo-tag (2.1.0)
      jekyll (~> 3.3)
    jekyll-series (1.0.3)
    jekyll-watch (1.5.0)
      listen (~> 3.0, < 3.1)
    jwt (1.5.6)
    kramdown (1.13.2)
    liquid (3.0.6)
    listen (3.0.6)
      rb-fsevent (>= 0.9.3)
      rb-inotify (>= 0.9.7)
    mercenary (0.3.6)
    mini_portile2 (2.1.0)
    minitest (5.10.1)
    multi_json (1.12.1)
    multi_xml (0.6.0)
    multipart-post (2.0.0)
    neat (2.0.0)
      sass (~> 3.4)
      thor (~> 0.19)
    nokogiri (1.7.1)
      mini_portile2 (~> 2.1.0)
    oauth2 (1.3.1)
      faraday (>= 0.8, < 0.12)
      jwt (~> 1.0)
      multi_json (~> 1.3)
      multi_xml (~> 0.5)
      rack (>= 1.2, < 3)
    octokit (4.6.2)
      sawyer (~> 0.8.0, >= 0.5.3)
    parallel (1.11.1)
    pathutil (0.14.0)
      forwardable-extended (~> 2.6)
    posix-spawn (0.3.13)
    public_suffix (2.0.5)
    pygments.rb (0.3.7)
      posix-spawn (~> 0.3.6)
      yajl-ruby (~> 1.1.0)
    rack (1.6.5)
    rack-jekyll (0.5.0)
      jekyll (>= 1.3)
      listen (>= 1.3)
      rack (~> 1.5)
    rake (12.0.0)
    rb-fsevent (0.9.8)
    rb-inotify (0.9.8)
      ffi (>= 0.5.0)
    rouge (1.11.1)
    safe_yaml (1.0.4)
    sass (3.4.23)
    sawyer (0.8.1)
      addressable (>= 2.3.5, < 2.6)
      faraday (~> 0.8, < 1.0)
    thor (0.19.4)
    thread_safe (0.3.6)
    typhoeus (0.8.0)
      ethon (>= 0.8.0)
    tzinfo (1.2.3)
      thread_safe (~> 0.1)
    yajl-ruby (1.1.0)
    yell (2.0.7)

PLATFORMS
  ruby

DEPENDENCIES
  bitters (~> 1.5.0)
  bourbon (~> 5.0.0.beta.7)
  bundler
  html-proofer (~> 3.6.0)
  jekyll (= 3.4.3)
  jekyll-bitly (~> 1.0.0)
  jekyll-feed (~> 0.6)
  jekyll-gist (~> 1.4.0)
  jekyll-highlight (~> 1.0.5)
  jekyll-seo-tag (~> 2.1.0)
  jekyll-series (~> 1.0.1)
  kramdown (~> 1.13.2)
  neat (~> 2.0.0.beta.1)
  pygments.rb (~> 0.3.7)
  rack-jekyll
  rake (= 12.0.0)
  sass (~> 3.4.23)

RUBY VERSION
   ruby 2.3.3p222

BUNDLED WITH
   1.14.6
